PATH
  remote: .
  specs:
    google_sign_in (0.1)
      activesupport (>= 5.1)
      google-id-token (>= 1.3.1)

GEM
  remote: https://rubygems.org/
  specs:
    activesupport (5.1.1)
      concurrent-ruby (~> 1.0, >= 1.0.2)
      i18n (~> 0.7)
      minitest (~> 5.1)
      tzinfo (~> 1.1)
    byebug (9.0.6)
    concurrent-ruby (1.0.5)
    google-id-token (1.3.1)
      jwt
      multi_json
    i18n (0.8.1)
    jwt (1.5.6)
    minitest (5.10.2)
    multi_json (1.12.1)
    rake (12.0.0)
    thread_safe (0.3.6)
    tzinfo (1.2.3)
      thread_safe (~> 0.1)

PLATFORMS
  ruby

DEPENDENCIES
  bundler (~> 1.15)
  byebug
  google_sign_in!
  rake

BUNDLED WITH
   1.15.0
